GEM
  remote: http://rubygems.org/
  specs:
    bond (0.4.1)
    pg (0.11.0)
    rack (1.2.2)
    ripl (0.3.5)
      bond (~> 0.4.0)
    sequel (3.24.1)
    sinatra (1.2.3)
      rack (~> 1.1)
      tilt (>= 1.2.2, < 2.0)
    tilt (1.2.2)

PLATFORMS
  ruby

DEPENDENCIES
  pg
  ripl
  sequel
  sinatra (~> 1.2.0)
