GEM
  remote: https://rubygems.org/
  specs:
    diff-lcs (1.3)
    honeybadger (2.3.3)
    nio4r (2.5.2)
    pg (0.18.4)
    puma (4.3.3)
      nio4r (~> 2.0)
    rack (1.5.5)
    rack-test (1.1.0)
      rack (>= 1.0, < 3)
    rake (13.0.1)
    rspec (3.9.0)
      rspec-core (~> 3.9.0)
      rspec-expectations (~> 3.9.0)
      rspec-mocks (~> 3.9.0)
    rspec-core (3.9.2)
      rspec-support (~> 3.9.3)
    rspec-expectations (3.9.2)
      diff-lcs (>= 1.2.0, < 2.0)
      rspec-support (~> 3.9.0)
    rspec-mocks (3.9.1)
      diff-lcs (>= 1.2.0, < 2.0)
      rspec-support (~> 3.9.0)
    rspec-support (3.9.3)
    sequel (3.44.0)
    sinatra (1.2.8)
      rack (~> 1.1)
      tilt (>= 1.2.2, < 2.0)
    tilt (1.4.1)

PLATFORMS
  ruby

DEPENDENCIES
  honeybadger
  pg
  puma
  rack (~> 1.5.0)
  rack-test
  rake
  rspec
  sequel
  sinatra (~> 1.2.0)

RUBY VERSION
   ruby 2.6.6p146

BUNDLED WITH
   2.1.4
