GEM
  remote: https://rubygems.org/
  specs:
    activesupport (5.1.4)
      concurrent-ruby (~> 1.0, >= 1.0.2)
      i18n (~> 0.7)
      minitest (~> 5.1)
      tzinfo (~> 1.1)
    concurrent-ruby (1.0.5)
    honeybadger (2.3.3)
    i18n (0.9.1)
      concurrent-ruby (~> 1.0)
    minitest (5.10.3)
    pg (0.18.4)
    puma (2.15.3)
    rack (1.5.5)
    rake (10.4.2)
    sequel (3.44.0)
    sinatra (1.2.8)
      rack (~> 1.1)
      tilt (>= 1.2.2, < 2.0)
    thread_safe (0.3.6)
    tilt (1.4.1)
    tzinfo (1.2.4)
      thread_safe (~> 0.1)

PLATFORMS
  ruby

DEPENDENCIES
  activesupport
  honeybadger
  pg
  puma
  rack (~> 1.5.0)
  rake
  sequel
  sinatra (~> 1.2.0)

RUBY VERSION
   ruby 2.3.5p376

BUNDLED WITH
   1.16.0
