GEM
  remote: http://rubygems.org/
  specs:
    bond (0.4.1)
    rack (1.2.2)
    redis (2.2.0)
    ripl (0.3.5)
      bond (~> 0.4.0)
    sinatra (1.2.3)
      rack (~> 1.1)
      tilt (>= 1.2.2, < 2.0)
    tilt (1.2.2)

PLATFORMS
  ruby

DEPENDENCIES
  redis
  ripl
  sinatra (~> 1.2.0)
