GEM
  remote: http://rubygems.org/
  specs:
    activesupport (3.2.6)
      i18n (~> 0.6)
      multi_json (~> 1.0)
    addressable (2.2.8)
    airbrake (3.1.2)
      activesupport
      builder
    bond (0.4.1)
    builder (3.0.0)
    excon (0.14.3)
    heroku (2.28.8)
      heroku-api (~> 0.2.6)
      launchy (>= 0.3.2)
      netrc (~> 0.7.5)
      rest-client (~> 1.6.1)
      rubyzip
    heroku-api (0.2.7)
      excon (~> 0.14.3)
    i18n (0.6.0)
    launchy (2.1.0)
      addressable (~> 2.2.6)
    mime-types (1.19)
    multi_json (1.3.6)
    netrc (0.7.5)
    pg (0.11.0)
    rack (1.3.0)
    rest-client (1.6.7)
      mime-types (>= 1.16)
    ripl (0.3.5)
      bond (~> 0.4.0)
    rubyzip (0.9.9)
    sequel (3.24.1)
    sinatra (1.2.6)
      rack (~> 1.1)
      tilt (>= 1.2.2, < 2.0)
    tilt (1.3.2)

PLATFORMS
  ruby

DEPENDENCIES
  airbrake
  heroku
  pg
  ripl
  sequel
  sinatra (~> 1.2.0)
