GEM
  remote: https://rubygems.org/
  specs:
    activesupport (3.2.22)
      i18n (~> 0.6, >= 0.6.4)
      multi_json (~> 1.0)
    honeybadger (2.3.3)
    i18n (0.7.0)
    multi_json (1.11.2)
    pg (0.18.4)
    rack (1.5.5)
    sequel (3.44.0)
    sinatra (1.2.8)
      rack (~> 1.1)
      tilt (>= 1.2.2, < 2.0)
    tilt (1.3.3)

PLATFORMS
  ruby

DEPENDENCIES
  activesupport (~> 3.2.0)
  honeybadger
  pg
  rack (~> 1.5.0)
  sequel
  sinatra (~> 1.2.0)

BUNDLED WITH
   1.11.2
