GIT
  remote: https://github.com/wegowise/toadhopper-sinatra
  revision: 1626222c7696e21939a99cfc3c4e8616ace99a19
  branch: gemspec
  specs:
    toadhopper-sinatra (1.0.2)
      sinatra
      toadhopper (>= 1.0.0)

GEM
  remote: http://rubygems.org/
  specs:
    bond (0.4.1)
    pg (0.11.0)
    rack (1.3.0)
    ripl (0.3.5)
      bond (~> 0.4.0)
    sequel (3.24.1)
    sinatra (1.2.6)
      rack (~> 1.1)
      tilt (< 2.0, >= 1.2.2)
    tilt (1.3.2)
    toadhopper (1.3)

PLATFORMS
  ruby

DEPENDENCIES
  pg
  ripl
  sequel
  sinatra (~> 1.2.0)
  toadhopper-sinatra!
