GEM
  remote: http://rubygems.org/
  specs:
    activesupport (3.2.6)
      i18n (~> 0.6)
      multi_json (~> 1.0)
    airbrake (3.1.2)
      activesupport
      builder
    bond (0.4.1)
    builder (3.0.0)
    i18n (0.6.0)
    multi_json (1.3.6)
    pg (0.11.0)
    rack (1.3.0)
    ripl (0.3.5)
      bond (~> 0.4.0)
    sequel (3.24.1)
    sinatra (1.2.6)
      rack (~> 1.1)
      tilt (>= 1.2.2, < 2.0)
    tilt (1.3.2)

PLATFORMS
  ruby

DEPENDENCIES
  airbrake
  pg
  ripl
  sequel
  sinatra (~> 1.2.0)
